GIT
  remote: http://github.com/aslakhellesoy/cucumber.git
  revision: d79ecee1fb68e664da26480ddfbe6dad65fec31e
  specs:
    cucumber (0.9.0)
      builder (~> 2.1.2)
      diff-lcs (~> 1.1.2)
      gherkin (~> 2.2.0)
      json_pure (~> 1.4.6)
      term-ansicolor (~> 1.0.5)

GEM
  remote: http://rubygems.org/
  specs:
    activesupport (3.0.0)
    aruba (0.2.1)
    autotest (4.3.2)
    autotest-growl (0.2.5)
    builder (2.1.2)
    diff-lcs (1.1.2)
    gemcutter (0.6.1)
    gherkin (2.2.0)
      trollop (~> 1.16.2)
    git (1.2.5)
    i18n (0.4.1)
    jeweler (1.4.0)
      gemcutter (>= 0.1.0)
      git (>= 1.2.5)
      rubyforge (>= 2.0.0)
    json_pure (1.4.6)
    mocha (0.9.8)
      rake
    rake (0.8.7)
    rspec (2.0.0.beta.20)
      rspec-core (= 2.0.0.beta.20)
      rspec-expectations (= 2.0.0.beta.20)
      rspec-mocks (= 2.0.0.beta.20)
    rspec-core (2.0.0.beta.20)
    rspec-expectations (2.0.0.beta.20)
      diff-lcs (>= 1.1.2)
    rspec-mocks (2.0.0.beta.20)
    rubyforge (2.0.4)
      json_pure (>= 1.1.7)
    term-ansicolor (1.0.5)
    trollop (1.16.2)

PLATFORMS
  ruby

DEPENDENCIES
  activesupport (~> 3.0.0)
  aruba
  autotest
  autotest-growl
  cucumber!
  i18n
  jeweler (~> 1.4.0)
  mocha
  rake (~> 0.8.7)
  rspec (~> 2.0.0.beta.20)
