GIT
  remote: http://github.com/aslakhellesoy/cucumber.git
  revision: d79ecee
  specs:
    cucumber (0.9.0)
      builder (~> 2.1.2)
      diff-lcs (~> 1.1.2)
      gherkin (~> 2.2.0)
      json_pure (~> 1.4.6)
      term-ansicolor (~> 1.0.5)

GEM
  remote: http://rubygems.org/
  specs:
    activesupport (2.3.10)
    aruba (0.2.1)
    autotest (4.3.2)
    autotest-growl (0.2.5)
    builder (2.1.2)
    diff-lcs (1.1.2)
    gherkin (2.2.0)
      trollop (~> 1.16.2)
    git (1.2.5)
    i18n (0.4.1)
    jeweler (1.5.1)
      bundler (~> 1.0.0)
      git (>= 1.2.5)
      rake
    json_pure (1.4.6)
    mocha (0.9.8)
      rake
    rake (0.8.7)
    rspec (2.3.0)
      rspec-core (~> 2.3.0)
      rspec-expectations (~> 2.3.0)
      rspec-mocks (~> 2.3.0)
    rspec-core (2.3.1)
    rspec-expectations (2.3.0)
      diff-lcs (~> 1.1.2)
    rspec-mocks (2.3.0)
    term-ansicolor (1.0.5)
    trollop (1.16.2)

PLATFORMS
  ruby

DEPENDENCIES
  activesupport (~> 2.3.8)
  aruba
  autotest
  autotest-growl
  cucumber!
  i18n
  jeweler (~> 1.5.1)
  mocha
  rake (~> 0.8.7)
  rspec (~> 2.3.0)
